GEM
  remote: http://rubygems.org/
  specs:
    activemodel (3.2.9)
      activesupport (= 3.2.9)
      builder (~> 3.0.0)
    activerecord (3.2.9)
      activemodel (= 3.2.9)
      activesupport (= 3.2.9)
      arel (~> 3.0.2)
      tzinfo (~> 0.3.29)
    activesupport (3.2.9)
      i18n (~> 0.6)
      multi_json (~> 1.0)
    arel (3.0.2)
    awesome_print (1.1.0)
    backburner (0.3.0)
      beaneater (~> 0.2.0)
      dante (~> 0.1.5)
    backports (2.6.5)
    beaneater (0.2.2)
    beanstalk-client (1.1.1)
    beanstalkd_view (1.0.2)
      beanstalk-client (>= 1.1.1)
      json
      sinatra (>= 1.3.0)
      sinatra-assetpack (>= 0.0.11)
      sinatra-contrib (>= 1.3.0)
      vegas (~> 0.1.2)
    builder (3.0.4)
    celluloid (0.12.3)
      facter (>= 1.6.12)
      timers (>= 1.0.0)
    coderay (1.0.8)
    connection_pool (0.9.2)
    daemons (1.1.9)
    dante (0.1.5)
    delayed_job (3.0.4)
      activesupport (~> 3.0)
    delayed_job_active_record (0.3.3)
      activerecord (>= 2.1.0, < 4)
      delayed_job (~> 3.0)
    delayed_job_web (1.1.2)
      activerecord (> 3.0.0)
      delayed_job (> 2.0.3)
      haml (~> 3.1.3)
      rdoc
      sinatra (>= 0.9.2)
    eventmachine (1.0.0)
    facter (1.6.16)
    haml (3.1.7)
    i18n (0.6.1)
    jsmin (1.0.1)
    json (1.7.5)
    method_source (0.8.1)
    multi_json (1.4.0)
    pry (0.9.10)
      coderay (~> 1.0.5)
      method_source (~> 0.8)
      slop (~> 3.3.1)
    pry-remote (0.1.6)
      pry (~> 0.9)
      slop (~> 3.0)
    qu (0.2.0)
      multi_json
    qu-redis (0.2.0)
      qu (= 0.2.0)
      redis-namespace
      simple_uuid
    rack (1.4.1)
    rack-protection (1.2.0)
      rack
    rack-test (0.6.2)
      rack (>= 1.0)
    rake (10.0.2)
    rdoc (3.12)
      json (~> 1.4)
    redis (3.0.2)
    redis-namespace (1.2.1)
      redis (~> 3.0.0)
    resque (1.23.0)
      multi_json (~> 1.0)
      redis-namespace (~> 1.0)
      sinatra (>= 0.9.2)
      vegas (~> 0.1.2)
    resque-scheduler (2.0.0)
      redis (>= 2.0.1)
      resque (>= 1.20.0)
      rufus-scheduler
    rufus-scheduler (2.0.17)
      tzinfo (>= 0.3.23)
    sidekiq (2.5.4)
      celluloid (~> 0.12.0)
      connection_pool (~> 0.9.2)
      multi_json (~> 1)
      redis (~> 3)
      redis-namespace
    simple_uuid (0.3.0)
    sinatra (1.3.3)
      rack (~> 1.3, >= 1.3.6)
      rack-protection (~> 1.2)
      tilt (~> 1.3, >= 1.3.3)
    sinatra-assetpack (0.0.11)
      jsmin
      rack-test
      sinatra
      tilt (>= 1.3.0)
    sinatra-contrib (1.3.2)
      backports (>= 2.0)
      eventmachine
      rack-protection
      rack-test
      sinatra (~> 1.3.0)
      tilt (~> 1.3)
    slim (1.3.4)
      temple (~> 0.5.5)
      tilt (~> 1.3.3)
    slop (3.3.3)
    sqlite3 (1.3.6)
    temple (0.5.5)
    thin (1.5.0)
      daemons (>= 1.0.9)
      eventmachine (>= 0.12.6)
      rack (>= 1.0.0)
    tilt (1.3.3)
    timers (1.0.1)
    tzinfo (0.3.35)
    vegas (0.1.11)
      rack (>= 1.0.0)

PLATFORMS
  ruby

DEPENDENCIES
  activerecord
  activesupport
  awesome_print
  backburner
  beanstalkd_view
  daemons
  delayed_job_active_record
  delayed_job_web
  pry
  pry-remote
  qu-redis
  rake
  resque
  resque-scheduler
  sidekiq
  slim
  sqlite3
  thin
